GEM
  specs:
    colorize (0.7.5)
    highline (1.6.21)
    metaclass (0.0.4)
    minitest (5.5.1)
    mocha (1.1.0)
      metaclass (~> 0.0.1)
    rake (10.4.2)

PLATFORMS
  ruby

DEPENDENCIES
  colorize (= 0.7.5)
  highline (= 1.6.21)
  minitest (= 5.5.1)
  mocha (= 1.1.0)
  rake (= 10.4.2)
